GEM
  remote: https://rubygems.org/
  specs:
    actionmailer (2.3.5)
      actionpack (= 2.3.5)
    actionpack (2.3.5)
      activesupport (= 2.3.5)
      rack (~> 1.0.0)
    activerecord (2.3.5)
      activesupport (= 2.3.5)
    activerecord-postgresql-adapter (0.0.1)
      pg
    activeresource (2.3.5)
      activesupport (= 2.3.5)
    activesupport (2.3.5)
    ar_openid_store (0.0.1)
      ruby-openid (>= 2.0.0)
    bluecloth (2.2.0)
    kgio (2.8.0)
    memcached (1.5.0)
    pg (0.18.3)
    rack (1.0.1)
    rails (2.3.5)
      actionmailer (= 2.3.5)
      actionpack (= 2.3.5)
      activerecord (= 2.3.5)
      activeresource (= 2.3.5)
      activesupport (= 2.3.5)
      rake (>= 0.8.3)
    raindrops (0.11.0)
    rake (0.8.3)
    rdiscount (2.0.7.2)
    ruby-openid (2.2.3)
    unicorn (4.6.2)
      kgio (~> 2.6)
      rack
      raindrops (~> 0.7)

PLATFORMS
  ruby

DEPENDENCIES
  activerecord-postgresql-adapter
  ar_openid_store
  bluecloth
  memcached
  pg
  rails (= 2.3.5)
  rdiscount
  ruby-openid
  unicorn

BUNDLED WITH
   1.10.6
