GEM
  remote: https://rubygems.org/
  specs:
    actionmailer (2.3.11)
      actionpack (= 2.3.11)
    actionpack (2.3.11)
      activesupport (= 2.3.11)
      rack (~> 1.1.0)
    activerecord (2.3.11)
      activesupport (= 2.3.11)
    activerecord-postgresql-adapter (0.0.1)
      pg
    activeresource (2.3.11)
      activesupport (= 2.3.11)
    activesupport (2.3.11)
    ar_openid_store (0.0.1)
      ruby-openid (>= 2.0.0)
    bluecloth (2.2.0)
    memcached (1.5.0)
    pg (0.17.1)
    puma (2.14.0)
    rack (1.1.6)
    rails (2.3.11)
      actionmailer (= 2.3.11)
      actionpack (= 2.3.11)
      activerecord (= 2.3.11)
      activeresource (= 2.3.11)
      activesupport (= 2.3.11)
      rake (>= 0.8.3)
    rake (10.4.2)
    rdiscount (2.0.7.2)
    ruby-openid (2.2.3)

PLATFORMS
  ruby

DEPENDENCIES
  activerecord-postgresql-adapter
  ar_openid_store
  bluecloth
  memcached
  pg
  puma
  rails (= 2.3.11)
  rdiscount
  ruby-openid

BUNDLED WITH
   1.10.6
